PATH
  remote: .
  specs:
    twingly-analytics-api (0.0.1)
      nokogiri

GEM
  remote: https://rubygems.org/
  specs:
    diff-lcs (1.1.3)
    fakeweb (1.3.0)
    nokogiri (1.5.10)
    rspec (2.12.0)
      rspec-core (~> 2.12.0)
      rspec-expectations (~> 2.12.0)
      rspec-mocks (~> 2.12.0)
    rspec-core (2.12.2)
    rspec-expectations (2.12.1)
      diff-lcs (~> 1.1.3)
    rspec-mocks (2.12.1)
    vcr (2.3.0)

PLATFORMS
  ruby

DEPENDENCIES
  fakeweb
  rspec
  twingly-analytics-api!
  vcr
